GEM
  remote: https://rubygems.org/
  specs:
    activemodel (8.0.1)
      activesupport (= 8.0.1)
    activesupport (8.0.1)
      base64
      benchmark (>= 0.3)
      bigdecimal
      concurrent-ruby (~> 1.0, >= 1.3.1)
      connection_pool (>= 2.2.5)
      drb
      i18n (>= 1.6, < 2)
      logger (>= 1.4.2)
      minitest (>= 5.1)
      securerandom (>= 0.3)
      tzinfo (~> 2.0, >= 2.0.5)
      uri (>= 0.13.1)
    addressable (2.8.7)
      public_suffix (>= 2.0.2, < 7.0)
    base64 (0.2.0)
    benchmark (0.4.0)
    bigdecimal (3.1.9)
    concurrent-ruby (1.3.5)
    connection_pool (2.5.0)
    cpf_cnpj (1.0.1)
    cpf_validator (0.2.1)
      activemodel (>= 3.0)
    domain_name (0.6.20240107)
    drb (2.2.1)
    ffi (1.17.1-x64-mingw-ucrt)
    ffi-compiler (1.3.2)
      ffi (>= 1.15.5)
      rake
    http (5.2.0)
      addressable (~> 2.8)
      base64 (~> 0.1)
      http-cookie (~> 1.0)
      http-form_data (~> 2.2)
      llhttp-ffi (~> 0.5.0)
    http-cookie (1.0.8)
      domain_name (~> 0.5)
    http-form_data (2.3.0)
    i18n (1.14.7)
      concurrent-ruby (~> 1.0)
    llhttp-ffi (0.5.0)
      ffi-compiler (~> 1.0)
      rake (~> 13.0)
    logger (1.6.5)
    minitest (5.25.4)
    os (1.1.4)
    public_suffix (6.0.1)
    rake (13.2.1)
    securerandom (0.4.1)
    tzinfo (2.0.6)
      concurrent-ruby (~> 1.0)
    uri (1.0.2)

PLATFORMS
  x64-mingw-ucrt

DEPENDENCIES
  cpf_cnpj
  cpf_validator (~> 0.2.1)
  http (~> 5.2)
  os

BUNDLED WITH
   2.6.3
